RESTRICTION: >= net45
NUGET
  remote: https://www.nuget.org/api/v2
    Aether (8.2)
      FSharp.Core (>= 4.1)
    Chiron (6.2.1)
      Aether (>= 8.0.2 < 9.0)
      FParsec (>= 1.0 < 2.0)
    FAKE (4.63.2)
    FParsec (1.0.3)
      FSharp.Core (>= 4.0.0.1)
    FSharp.Compiler.Tools (4.1.27) - restriction: && (>= net45) (>= netstandard1.6)
    FSharp.Control.AsyncSeq (2.0.16)
    FSharp.Core (4.2.3)
    FSharp.Data (2.4.2)
    FSharp.NET.Sdk (1.0.5) - restriction: && (>= net45) (>= netstandard1.6)
      FSharp.Compiler.Tools (>= 4.1.17)
    FSharpx.Async (1.13.2)
      FSharp.Control.AsyncSeq
      FSharp.Core
    FSharpx.Collections (1.17)
      FSharp.Core
    FSharpx.Extras (2.2.1)
      FSharpx.Async
      FSharpx.Collections
    FsUnit.xUnit (3.0)
      FSharp.Core (>= 3.1.2.5) - restriction: && (>= net45) (< netstandard1.6)
      FSharp.Core (>= 4.2.2) - restriction: && (>= net45) (>= netstandard1.6)
      FSharp.NET.Sdk (>= 1.0.5) - restriction: && (>= net45) (>= netstandard1.6)
      NHamcrest (>= 2.0.1) - restriction: && (>= net45) (>= netstandard1.6)
      System.Reflection.TypeExtensions (>= 4.3) - restriction: && (>= net45) (>= netstandard1.6)
      xunit (>= 2.2) - restriction: && (>= net45) (>= netstandard1.6)
      xunit (2.1) - restriction: && (>= net45) (< netstandard1.6)
    NHamcrest (2.0.1) - restriction: && (>= net45) (>= netstandard1.6)
    System.Reflection.TypeExtensions (4.4) - restriction: && (>= net45) (>= netstandard1.6)
    xunit (2.1) - restriction: && (>= net45) (< netstandard1.6)
      xunit.assert (2.1)
      xunit.core (2.1)
    xunit.abstractions (2.0) - restriction: && (>= net45) (< netstandard1.6)
    xunit.assert (2.1) - restriction: && (>= net45) (< netstandard1.6)
    xunit.core (2.1) - restriction: && (>= net45) (< netstandard1.6)
      xunit.extensibility.core (2.1)
      xunit.extensibility.execution (2.1)
    xunit.extensibility.core (2.1) - restriction: && (>= net45) (< netstandard1.6)
      xunit.abstractions (2.0)
    xunit.extensibility.execution (2.1) - restriction: && (>= net45) (< netstandard1.6)
      xunit.extensibility.core (2.1)
    xunit.runner.console (2.3.1)
