RESTRICTION: >= net45
NUGET
  remote: https://www.nuget.org/api/v2
    Aether (8.2)
      FSharp.Core (>= 4.1)
    Chiron (6.2.1)
      Aether (>= 8.0.2 < 9.0)
      FParsec (>= 1.0 < 2.0)
    FAKE (5.2)
    FParsec (1.0.3)
      FSharp.Core (>= 4.0.0.1)
    FSharp.Control.AsyncSeq (2.0.21)
      FSharp.Core (>= 3.1.2)
    FSharp.Core (4.5.2)
    FSharp.Data (2.4.6)
    FSharpx.Async (1.13.2)
      FSharp.Control.AsyncSeq
      FSharp.Core
    FSharpx.Collections (1.17)
      FSharp.Core
    FSharpx.Extras (2.2.1)
      FSharpx.Async
      FSharpx.Collections
    FsUnit.xUnit (3.1)
      FSharp.Core (>= 4.2.3) - restriction: || (&& (>= net45) (>= netstandard2.0)) (>= net46)
      NHamcrest (>= 2.0.1 < 2.1) - restriction: || (&& (>= net45) (>= netstandard2.0)) (>= net46)
      xunit (>= 2.3.1 < 2.4) - restriction: || (&& (>= net45) (>= netstandard2.0)) (>= net46)
    NHamcrest (2.0.1) - restriction: || (&& (>= net45) (>= netstandard2.0)) (>= net46)
    xunit (2.3.1) - restriction: || (&& (>= net45) (>= netstandard2.0)) (>= net46)
      xunit.analyzers (>= 0.7)
      xunit.assert (2.3.1)
      xunit.core (2.3.1)
    xunit.abstractions (2.0.2) - restriction: || (&& (>= net45) (>= netstandard2.0)) (>= net46)
    xunit.analyzers (0.10) - restriction: || (&& (>= net45) (>= netstandard2.0)) (>= net46)
    xunit.assert (2.3.1) - restriction: || (&& (>= net45) (>= netstandard2.0)) (>= net46)
    xunit.core (2.3.1) - restriction: || (&& (>= net45) (>= netstandard2.0)) (>= net46)
      xunit.extensibility.core (2.3.1)
      xunit.extensibility.execution (2.3.1)
    xunit.extensibility.core (2.3.1) - restriction: || (&& (>= net45) (>= netstandard2.0)) (>= net46)
      xunit.abstractions (>= 2.0.1)
    xunit.extensibility.execution (2.3.1) - restriction: || (&& (>= net45) (>= netstandard2.0)) (>= net46)
      xunit.extensibility.core (2.3.1)
    xunit.runner.console (2.4)
    xunit.runner.visualstudio (2.4)
